GEM
  remote: https://rubygems.org/
  specs:
    ast (2.4.2)
    jaro_winkler (1.5.4)
    parallel (1.20.1)
    parser (3.0.0.0)
      ast (~> 2.4.1)
    powerpack (0.1.3)
    public_suffix (3.1.1)
    rainbow (3.0.0)
    rubocop (0.60.0)
      jaro_winkler (~> 1.5.1)
      parallel (~> 1.10)
      parser (>= 2.5, != 2.5.1.1)
      powerpack (~> 0.1)
      rainbow (>= 2.2.2, < 4.0)
      ruby-progressbar (~> 1.7)
      unicode-display_width (~> 1.4.0)
    rubocop-cask (0.23.0)
      public_suffix (~> 3.0, >= 3.0.3)
      rubocop (~> 0.60.0)
    ruby-progressbar (1.11.0)
    unicode-display_width (1.4.1)

PLATFORMS
  x86_64-darwin-16

DEPENDENCIES
  rubocop (~> 0.60.0)
  rubocop-cask (~> 0.23.0)

RUBY VERSION
   ruby 2.5.8p224

BUNDLED WITH
   2.2.14
